GEM
  remote: https://rubygems.org/
  specs:
    RedCloth (4.3.2)
    addressable (2.8.3)
      public_suffix (>= 2.0.2, < 6.0)
    colorator (1.1.0)
    colored (1.2)
    commonjs (0.2.7)
    concurrent-ruby (1.2.2)
    em-websocket (0.5.3)
      eventmachine (>= 0.12.9)
      http_parser.rb (~> 0)
    ethon (0.16.0)
      ffi (>= 1.15.0)
    eventmachine (1.2.7)
    execjs (2.8.1)
    ffi (1.15.5)
    ffi-icu (0.5.0)
      ffi (~> 1.0, >= 1.0.9)
    forwardable-extended (2.6.0)
    html-proofer (2.1.0)
      addressable (~> 2.3)
      colored (~> 1.2)
      mercenary (~> 0.3.2)
      nokogiri (~> 1.5)
      parallel (~> 1.3)
      typhoeus (~> 0.7)
      yell (~> 2.0)
    http_parser.rb (0.8.0)
    i18n (1.12.0)
      concurrent-ruby (~> 1.0)
    jekyll (3.9.3)
      addressable (~> 2.4)
      colorator (~> 1.0)
      em-websocket (~> 0.5)
      i18n (>= 0.7, < 2)
      jekyll-sass-converter (~> 1.0)
      jekyll-watch (~> 2.0)
      kramdown (>= 1.17, < 3)
      liquid (~> 4.0)
      mercenary (~> 0.3.3)
      pathutil (~> 0.9)
      rouge (>= 1.7, < 4)
      safe_yaml (~> 1.0)
    jekyll-sass-converter (1.5.2)
      sass (~> 3.4)
    jekyll-watch (2.2.1)
      listen (~> 3.0)
    jshintrb (0.3.0)
      execjs
      multi_json (>= 1.3)
      rake
    json (2.6.3)
    json-schema (2.8.1)
      addressable (>= 2.4)
    kramdown (2.4.0)
      rexml
    less (2.4.0)
      commonjs (~> 0.2.7)
    libv8 (3.16.14.19)
    liquid (4.0.4)
    listen (3.8.0)
      rb-fsevent (~> 0.10, >= 0.10.3)
      rb-inotify (~> 0.9, >= 0.9.10)
    mercenary (0.3.6)
    mini_portile2 (2.4.0)
    multi_json (1.15.0)
    nokogiri (1.10.10)
      mini_portile2 (~> 2.4.0)
    parallel (1.20.1)
    pathutil (0.16.2)
      forwardable-extended (~> 2.6)
    public_suffix (4.0.7)
    rake (13.0.6)
    rb-fsevent (0.11.2)
    rb-inotify (0.10.1)
      ffi (~> 1.0)
    ref (2.0.0)
    rexml (3.2.5)
    rouge (3.30.0)
    safe_yaml (1.0.5)
    sass (3.7.4)
      sass-listen (~> 4.0.0)
    sass-listen (4.0.0)
      rb-fsevent (~> 0.9, >= 0.9.4)
      rb-inotify (~> 0.9, >= 0.9.7)
    therubyracer (0.12.3)
      libv8 (~> 3.16.14.15)
      ref
    typhoeus (0.8.0)
      ethon (>= 0.8.0)
    yell (2.2.2)

PLATFORMS
  ruby

DEPENDENCIES
  RedCloth (>= 4.3.0)
  ffi-icu
  html-proofer (= 2.1.0)
  jekyll (~> 3.9, >= 3.9.0)
  jshintrb (~> 0.3.0)
  json (>= 2.3.0)
  json-schema
  kramdown (>= 2.3.0)
  less (= 2.4.0)
  safe_yaml
  therubyracer

RUBY VERSION
   ruby 2.4.1p111

BUNDLED WITH
   1.17.3
